GEM
  remote: https://rubygems.org/
  specs:
    activemodel (5.2.3)
      activesupport (= 5.2.3)
    activerecord (5.2.3)
      activemodel (= 5.2.3)
      activesupport (= 5.2.3)
      arel (>= 9.0)
    activerecord-deprecated_finders (1.0.4)
    activerecord-jdbc-adapter (50.0)
      activerecord (>= 2.2)
    activerecord-time (0.12.0)
      activerecord (>= 4.2, < 6)
    activesupport (5.2.3)
      concurrent-ruby (~> 1.0, >= 1.0.2)
      i18n (>= 0.7, < 2)
      minitest (~> 5.1)
      tzinfo (~> 1.1)
    arel (9.0.0)
    concurrent-ruby (1.1.5)
    i18n (1.6.0)
      concurrent-ruby (~> 1.0)
    minitest (5.11.3)
    paranoia (2.4.2)
      activerecord (>= 4.0, < 6.1)
    rails-observers (0.1.5)
      activemodel (>= 4.0)
    sqldroid (1.0.1-java)
    thread_safe (0.3.6-java)
    tzinfo (1.2.5)
      thread_safe (~> 0.1)

PLATFORMS
  java

DEPENDENCIES
  activerecord (~> 5.2)
  activerecord-deprecated_finders
  activerecord-jdbc-adapter
  activerecord-time
  concurrent-ruby
  paranoia
  rails-observers
  sqldroid (~> 1.0)

BUNDLED WITH
   2.0.1
