GEM
  remote: https://rubygems.org/
  remote: http://10.10.1.99:8081/repository/gems/
  specs:
    activemodel (4.2.8)
      activesupport (= 4.2.8)
      builder (~> 3.1)
    activerecord (4.2.8)
      activemodel (= 4.2.8)
      activesupport (= 4.2.8)
      arel (~> 6.0)
    activerecord-deprecated_finders (1.0.4)
    activerecord-jdbc-adapter (1.3.22)
      activerecord (>= 2.2)
    activerecord-time (0.9.1)
      activerecord (>= 3.2.21, < 5.2)
    activesupport (4.2.8)
      i18n (~> 0.7)
      minitest (~> 5.1)
      thread_safe (~> 0.3, >= 0.3.4)
      tzinfo (~> 1.1)
    arel (6.0.4)
    builder (3.2.3)
    common-airport (0.6.15)
      activerecord (~> 4.2)
      concurrent-ruby (~> 1.0)
      tzinfo-data (~> 1.2017)
    concurrent-ruby (1.0.5-java)
    geokit (1.11.0)
    i18n (0.9.0)
      concurrent-ruby (~> 1.0)
    minitest (5.10.3)
    paranoia (2.1.5)
      activerecord (~> 4.0)
    rails-observers (0.1.5)
      activemodel (>= 4.0)
    sqldroid (1.0.1-java)
    thread_safe (0.3.6-java)
    tzinfo (1.2.3)
      thread_safe (~> 0.1)
    tzinfo-data (1.2017.2)
      tzinfo (>= 1.0.0)

PLATFORMS
  java

DEPENDENCIES
  activerecord (= 4.2.8)
  activerecord-deprecated_finders
  activerecord-jdbc-adapter (= 1.3.22)
  activerecord-time
  common-airport
  concurrent-ruby
  geokit
  paranoia (< 2.2)
  rails-observers
  sqldroid (~> 1.0)

BUNDLED WITH
   1.15.4
